GEM
  remote: http://rubygems.org/
  specs:
    diff-lcs (1.2.5)
    git (1.2.9.1)
    rspec (3.3.0)
      rspec-core (~> 3.3.0)
      rspec-expectations (~> 3.3.0)
      rspec-mocks (~> 3.3.0)
    rspec-core (3.3.2)
      rspec-support (~> 3.3.0)
    rspec-expectations (3.3.1)
      diff-lcs (>= 1.2.0, < 2.0)
      rspec-support (~> 3.3.0)
    rspec-mocks (3.3.2)
      diff-lcs (>= 1.2.0, < 2.0)
      rspec-support (~> 3.3.0)
    rspec-support (3.3.0)
    statsd-ruby (1.2.1)

PLATFORMS
  ruby

DEPENDENCIES
  git
  rspec
  statsd-ruby

BUNDLED WITH
   1.10.6
